GIT
  remote: https://github.com/crepesourcing/flu-rails.git
  revision: aca8636ccb39020b31948673cb44ed22ef9f0e8f
  specs:
    flu-rails (1.0.3)
      activesupport (>= 6.0.0)
      bunny (~> 2.19, >= 2.19.0)
      rabbitmq_http_api_client (~> 2.1, >= 2.0.0)

GEM
  remote: http://rubygems.org/
  specs:
    actioncable (7.0.2.3)
      actionpack (= 7.0.2.3)
      activesupport (= 7.0.2.3)
      nio4r (~> 2.0)
      websocket-driver (>= 0.6.1)
    actionmailbox (7.0.2.3)
      actionpack (= 7.0.2.3)
      activejob (= 7.0.2.3)
      activerecord (= 7.0.2.3)
      activestorage (= 7.0.2.3)
      activesupport (= 7.0.2.3)
      mail (>= 2.7.1)
      net-imap
      net-pop
      net-smtp
    actionmailer (7.0.2.3)
      actionpack (= 7.0.2.3)
      actionview (= 7.0.2.3)
      activejob (= 7.0.2.3)
      activesupport (= 7.0.2.3)
      mail (~> 2.5, >= 2.5.4)
      net-imap
      net-pop
      net-smtp
      rails-dom-testing (~> 2.0)
    actionpack (7.0.2.3)
      actionview (= 7.0.2.3)
      activesupport (= 7.0.2.3)
      rack (~> 2.0, >= 2.2.0)
      rack-test (>= 0.6.3)
      rails-dom-testing (~> 2.0)
      rails-html-sanitizer (~> 1.0, >= 1.2.0)
    actiontext (7.0.2.3)
      actionpack (= 7.0.2.3)
      activerecord (= 7.0.2.3)
      activestorage (= 7.0.2.3)
      activesupport (= 7.0.2.3)
      globalid (>= 0.6.0)
      nokogiri (>= 1.8.5)
    actionview (7.0.2.3)
      activesupport (= 7.0.2.3)
      builder (~> 3.1)
      erubi (~> 1.4)
      rails-dom-testing (~> 2.0)
      rails-html-sanitizer (~> 1.1, >= 1.2.0)
    activejob (7.0.2.3)
      activesupport (= 7.0.2.3)
      globalid (>= 0.3.6)
    activemodel (7.0.2.3)
      activesupport (= 7.0.2.3)
    activerecord (7.0.2.3)
      activemodel (= 7.0.2.3)
      activesupport (= 7.0.2.3)
    activestorage (7.0.2.3)
      actionpack (= 7.0.2.3)
      activejob (= 7.0.2.3)
      activerecord (= 7.0.2.3)
      activesupport (= 7.0.2.3)
      marcel (~> 1.0)
      mini_mime (>= 1.1.0)
    activesupport (7.0.2.3)
      concurrent-ruby (~> 1.0, >= 1.0.2)
      i18n (>= 1.6, < 2)
      minitest (>= 5.1)
      tzinfo (~> 2.0)
    addressable (2.8.0)
      public_suffix (>= 2.0.2, < 5.0)
    amq-protocol (2.3.2)
    annotate (3.2.0)
      activerecord (>= 3.2, < 8.0)
      rake (>= 10.4, < 14.0)
    awesome_print (1.9.2)
    brpoplpush-redis_script (0.1.2)
      concurrent-ruby (~> 1.0, >= 1.0.5)
      redis (>= 1.0, <= 5.0)
    builder (3.2.4)
    bunny (2.19.0)
      amq-protocol (~> 2.3, >= 2.3.1)
      sorted_set (~> 1, >= 1.0.2)
    byebug (11.1.3)
    concurrent-ruby (1.1.10)
    connection_pool (2.2.5)
    crass (1.0.6)
    database_cleaner (2.0.1)
      database_cleaner-active_record (~> 2.0.0)
    database_cleaner-active_record (2.0.1)
      activerecord (>= 5.a)
      database_cleaner-core (~> 2.0.0)
    database_cleaner-core (2.0.1)
    diff-lcs (1.5.0)
    digest (3.1.0)
    domain_name (0.5.20190701)
      unf (>= 0.0.5, < 1.0.0)
    erubi (1.10.0)
    faraday (1.10.0)
      faraday-em_http (~> 1.0)
      faraday-em_synchrony (~> 1.0)
      faraday-excon (~> 1.1)
      faraday-httpclient (~> 1.0)
      faraday-multipart (~> 1.0)
      faraday-net_http (~> 1.0)
      faraday-net_http_persistent (~> 1.0)
      faraday-patron (~> 1.0)
      faraday-rack (~> 1.0)
      faraday-retry (~> 1.0)
      ruby2_keywords (>= 0.0.4)
    faraday-em_http (1.0.0)
    faraday-em_synchrony (1.0.0)
    faraday-excon (1.1.0)
    faraday-httpclient (1.0.1)
    faraday-multipart (1.0.3)
      multipart-post (>= 1.2, < 3)
    faraday-net_http (1.0.1)
    faraday-net_http_persistent (1.2.0)
    faraday-patron (1.0.0)
    faraday-rack (1.0.0)
    faraday-retry (1.0.3)
    faraday_middleware (1.2.0)
      faraday (~> 1.0)
    globalid (1.0.1)
      activesupport (>= 5.0)
    hashie (4.1.0)
    http-accept (1.7.0)
    http-cookie (1.0.4)
      domain_name (~> 0.5)
    i18n (1.12.0)
      concurrent-ruby (~> 1.0)
    jwt (2.3.0)
    lograge (0.11.2)
      actionpack (>= 4)
      activesupport (>= 4)
      railties (>= 4)
      request_store (~> 1.0)
    loofah (2.16.0)
      crass (~> 1.0.2)
      nokogiri (>= 1.5.9)
    mail (2.7.1)
      mini_mime (>= 0.1.1)
    marcel (1.0.2)
    method_source (1.0.0)
    mime-types (3.4.1)
      mime-types-data (~> 3.2015)
    mime-types-data (3.2022.0105)
    mini_mime (1.1.2)
    mini_portile2 (2.8.0)
    minitest (5.17.0)
    multi_json (1.15.0)
    multipart-post (2.1.1)
    net-imap (0.2.3)
      digest
      net-protocol
      strscan
    net-pop (0.1.1)
      digest
      net-protocol
      timeout
    net-protocol (0.1.3)
      timeout
    net-smtp (0.3.1)
      digest
      net-protocol
      timeout
    netrc (0.11.0)
    nio4r (2.5.8)
    nokogiri (1.13.4)
      mini_portile2 (~> 2.8.0)
      racc (~> 1.4)
    pg (1.3.5)
    public_suffix (4.0.7)
    puma (5.6.4)
      nio4r (~> 2.0)
    rabbitmq_http_api_client (2.1.0)
      addressable (~> 2.7)
      faraday (~> 1.3)
      faraday_middleware (~> 1.2)
      hashie (~> 4.1)
      multi_json (~> 1.15)
    racc (1.6.0)
    rack (2.2.3)
    rack-cors (1.1.1)
      rack (>= 2.0.0)
    rack-test (1.1.0)
      rack (>= 1.0, < 3)
    rails (7.0.2.3)
      actioncable (= 7.0.2.3)
      actionmailbox (= 7.0.2.3)
      actionmailer (= 7.0.2.3)
      actionpack (= 7.0.2.3)
      actiontext (= 7.0.2.3)
      actionview (= 7.0.2.3)
      activejob (= 7.0.2.3)
      activemodel (= 7.0.2.3)
      activerecord (= 7.0.2.3)
      activestorage (= 7.0.2.3)
      activesupport (= 7.0.2.3)
      bundler (>= 1.15.0)
      railties (= 7.0.2.3)
    rails-dom-testing (2.0.3)
      activesupport (>= 4.2.0)
      nokogiri (>= 1.6)
    rails-html-sanitizer (1.4.2)
      loofah (~> 2.3)
    railties (7.0.2.3)
      actionpack (= 7.0.2.3)
      activesupport (= 7.0.2.3)
      method_source
      rake (>= 12.2)
      thor (~> 1.0)
      zeitwerk (~> 2.5)
    rake (13.0.6)
    rbtree (0.4.5)
    redis (4.6.0)
    request_store (1.5.1)
      rack (>= 1.4)
    rest-client (2.1.0)
      http-accept (>= 1.7.0, < 2.0)
      http-cookie (>= 1.0.2, < 2.0)
      mime-types (>= 1.16, < 4.0)
      netrc (~> 0.8)
    rspec-core (3.11.0)
      rspec-support (~> 3.11.0)
    rspec-expectations (3.11.0)
      diff-lcs (>= 1.2.0, < 2.0)
      rspec-support (~> 3.11.0)
    rspec-mocks (3.11.1)
      diff-lcs (>= 1.2.0, < 2.0)
      rspec-support (~> 3.11.0)
    rspec-rails (5.1.1)
      actionpack (>= 5.2)
      activesupport (>= 5.2)
      railties (>= 5.2)
      rspec-core (~> 3.10)
      rspec-expectations (~> 3.10)
      rspec-mocks (~> 3.10)
      rspec-support (~> 3.10)
    rspec-support (3.11.0)
    ruby2_keywords (0.0.5)
    sentry-rails (5.2.1)
      railties (>= 5.0)
      sentry-ruby-core (~> 5.2.1)
    sentry-ruby (5.2.1)
      concurrent-ruby (~> 1.0, >= 1.0.2)
      sentry-ruby-core (= 5.2.1)
    sentry-ruby-core (5.2.1)
      concurrent-ruby
    sentry-sidekiq (5.2.1)
      sentry-ruby-core (~> 5.2.1)
      sidekiq (>= 3.0)
    set (1.0.2)
    sidekiq (6.4.2)
      connection_pool (>= 2.2.2)
      rack (~> 2.0)
      redis (>= 4.2.0)
    sidekiq-unique-jobs (7.1.19)
      brpoplpush-redis_script (> 0.1.1, <= 2.0.0)
      concurrent-ruby (~> 1.0, >= 1.0.5)
      sidekiq (>= 5.0, < 8.0)
      thor (>= 0.20, < 3.0)
    sorted_set (1.0.3)
      rbtree
      set (~> 1.0)
    strscan (3.0.1)
    thor (1.2.1)
    timeout (0.2.0)
    tzinfo (2.0.5)
      concurrent-ruby (~> 1.0)
    unf (0.1.4)
      unf_ext
    unf_ext (0.0.8.1)
    websocket-driver (0.7.5)
      websocket-extensions (>= 0.1.0)
    websocket-extensions (0.1.5)
    zeitwerk (2.5.4)

PLATFORMS
  ruby

DEPENDENCIES
  annotate (= 3.2.0)
  awesome_print (= 1.9.2)
  byebug
  database_cleaner (= 2.0.1)
  flu-rails!
  jwt (= 2.3.0)
  lograge (= 0.11.2)
  pg (= 1.3.5)
  puma (= 5.6.4)
  rack-cors (= 1.1.1)
  rails (= 7.0.2.3)
  rest-client (= 2.1.0)
  rspec-rails (= 5.1.1)
  sentry-rails (= 5.2.1)
  sentry-ruby (= 5.2.1)
  sentry-sidekiq (= 5.2.1)
  sidekiq (= 6.4.2)
  sidekiq-unique-jobs (= 7.1.19)

BUNDLED WITH
   2.2.3
